GEM
  remote: https://rubygems.org/
  specs:
    activesupport (4.2.10)
      i18n (~> 0.7)
      minitest (~> 5.1)
      thread_safe (~> 0.3, >= 0.3.4)
      tzinfo (~> 1.1)
    addressable (2.5.2)
      public_suffix (>= 2.0.2, < 4.0)
    ast (2.3.0)
    colorator (1.1.0)
    em-websocket (0.5.1)
      eventmachine (>= 0.12.9)
      http_parser.rb (~> 0.6.0)
    eventmachine (1.2.5)
    ffi (1.9.18)
    forwardable-extended (2.6.0)
    gemoji (3.0.0)
    html-pipeline (2.7.1)
      activesupport (>= 2)
      nokogiri (>= 1.4)
    http_parser.rb (0.6.0)
    i18n (0.8.6)
    jekyll (3.6.0)
      addressable (~> 2.4)
      colorator (~> 1.0)
      jekyll-sass-converter (~> 1.0)
      jekyll-watch (~> 1.1)
      kramdown (~> 1.14)
      liquid (~> 4.0)
      mercenary (~> 0.3.3)
      pathutil (~> 0.9)
      rouge (>= 1.7, < 3)
      safe_yaml (~> 1.0)
    jekyll-compose (0.5.0)
      jekyll (>= 3.0.0)
    jekyll-feed (0.9.2)
      jekyll (~> 3.3)
    jekyll-livereload (0.2.2)
      em-websocket (~> 0.5)
      jekyll (~> 3.0)
    jekyll-mentions (1.2.0)
      activesupport (~> 4.0)
      html-pipeline (~> 2.3)
      jekyll (~> 3.0)
    jekyll-sass-converter (1.5.0)
      sass (~> 3.4)
    jekyll-seo-tag (2.3.0)
      jekyll (~> 3.3)
    jekyll-sitemap (1.1.1)
      jekyll (~> 3.3)
    jekyll-watch (1.5.0)
      listen (~> 3.0, < 3.1)
    jemoji (0.8.1)
      activesupport (~> 4.0, >= 4.2.9)
      gemoji (~> 3.0)
      html-pipeline (~> 2.2)
      jekyll (>= 3.0)
    kramdown (1.15.0)
    liquid (4.0.0)
    listen (3.0.8)
      rb-fsevent (~> 0.9, >= 0.9.4)
      rb-inotify (~> 0.9, >= 0.9.7)
    mercenary (0.3.6)
    mini_portile2 (2.3.0)
    minitest (5.10.3)
    nokogiri (1.8.1)
      mini_portile2 (~> 2.3.0)
    parallel (1.12.0)
    parser (2.4.0.0)
      ast (~> 2.2)
    pathutil (0.16.0)
      forwardable-extended (~> 2.6)
    powerpack (0.1.1)
    public_suffix (3.0.0)
    rainbow (2.2.2)
      rake
    rake (12.1.0)
    rb-fsevent (0.10.2)
    rb-inotify (0.9.10)
      ffi (>= 0.5.0, < 2)
    rouge (2.2.1)
    rubocop (0.50.0)
      parallel (~> 1.10)
      parser (>= 2.3.3.1, < 3.0)
      powerpack (~> 0.1)
      rainbow (>= 2.2.2, < 3.0)
      ruby-progressbar (~> 1.7)
      unicode-display_width (~> 1.0, >= 1.0.1)
    ruby-progressbar (1.9.0)
    safe_yaml (1.0.4)
    sass (3.5.2)
      sass-listen (~> 4.0.0)
    sass-listen (4.0.0)
      rb-fsevent (~> 0.9, >= 0.9.4)
      rb-inotify (~> 0.9, >= 0.9.7)
    thread_safe (0.3.6)
    tzinfo (1.2.3)
      thread_safe (~> 0.1)
    unicode-display_width (1.3.0)

PLATFORMS
  ruby

DEPENDENCIES
  jekyll (>= 3.5)
  jekyll-compose
  jekyll-feed
  jekyll-livereload
  jekyll-mentions
  jekyll-seo-tag
  jekyll-sitemap
  jemoji
  rake
  rubocop

BUNDLED WITH
   1.15.4
